GEM
  remote: https://rubygems.org/
  specs:
    ast (2.4.2)
    diff-lcs (1.5.0)
    dry-cli (1.0.0)
    erubi (1.12.0)
    netrc (0.11.0)
    parallel (1.23.0)
    parser (3.2.2.3)
      ast (~> 2.4.1)
      racc
    prettier_print (1.2.1)
    racc (1.7.1)
    rbi (0.0.17)
      ast
      parser (>= 3.0.0)
      sorbet-runtime (>= 0.5.9204)
      unparser (>= 0.5.6)
    sorbet (0.5.11001)
      sorbet-static (= 0.5.11001)
    sorbet-runtime (0.5.11001)
    sorbet-static (0.5.11001-universal-darwin-22)
    sorbet-static-and-runtime (0.5.11001)
      sorbet (= 0.5.11001)
      sorbet-runtime (= 0.5.11001)
    spoom (1.2.3)
      erubi (>= 1.10.0)
      sorbet-static-and-runtime (>= 0.5.10187)
      syntax_tree (>= 6.1.1)
      thor (>= 0.19.2)
    syntax_tree (6.1.1)
      prettier_print (>= 1.2.0)
    tapioca (0.11.8)
      bundler (>= 2.2.25)
      netrc (>= 0.11.0)
      parallel (>= 1.21.0)
      rbi (~> 0.0.0, >= 0.0.16)
      sorbet-static-and-runtime (>= 0.5.10187)
      spoom (~> 1.2.0, >= 1.2.0)
      thor (>= 1.2.0)
      yard-sorbet
    thor (1.2.2)
    unparser (0.6.8)
      diff-lcs (~> 1.3)
      parser (>= 3.2.0)
    yard (0.9.34)
    yard-sorbet (0.8.1)
      sorbet-runtime (>= 0.5)
      yard (>= 0.9)

PLATFORMS
  arm64-darwin-22

DEPENDENCIES
  dry-cli (~> 1.0)
  sorbet
  sorbet-runtime
  tapioca

BUNDLED WITH
   2.4.18
